PATH
  remote: .
  specs:
    asciidoctor-mathml (0.1.0)
      asciidoctor
      asciimath

GEM
  remote: https://rubygems.org/
  specs:
    asciidoctor (2.0.18)
    asciimath (2.0.4)
    coderay (1.1.3)
    diff-lcs (1.5.0)
    method_source (1.0.0)
    pry (0.14.2)
      coderay (~> 1.1)
      method_source (~> 1.0)
    rake (13.0.6)
    rspec (3.12.0)
      rspec-core (~> 3.12.0)
      rspec-expectations (~> 3.12.0)
      rspec-mocks (~> 3.12.0)
    rspec-core (3.12.0)
      rspec-support (~> 3.12.0)
    rspec-expectations (3.12.0)
      diff-lcs (>= 1.2.0, < 2.0)
      rspec-support (~> 3.12.0)
    rspec-mocks (3.12.0)
      diff-lcs (>= 1.2.0, < 2.0)
      rspec-support (~> 3.12.0)
    rspec-support (3.12.0)

PLATFORMS
  x86_64-linux

DEPENDENCIES
  asciidoctor-mathml!
  pry
  rake (~> 13.0)
  rspec (~> 3.0)

BUNDLED WITH
   2.4.8
